GEM
  remote: https://rubygems.org/
  specs:
    addressable (2.8.1)
      public_suffix (>= 2.0.2, < 6.0)
    charlock_holmes (0.7.7)
    escape_utils (1.2.2)
    faraday (2.4.0)
      faraday-net_http (~> 2.0)
      ruby2_keywords (>= 0.0.4)
    faraday-net_http (2.1.0)
    github-linguist (7.20.0)
      charlock_holmes (~> 0.7.7)
      escape_utils (~> 1.2.0)
      mini_mime (~> 1.0)
      rugged (~> 1.0)
    mini_mime (1.1.2)
    octokit (5.1.0)
      faraday (>= 1, < 3)
      sawyer (~> 0.9)
    openjournals-nameable (1.1.7)
    public_suffix (5.0.0)
    ruby2_keywords (0.0.5)
    rugged (1.5.0.1)
    sawyer (0.9.2)
      addressable (>= 2.3.5)
      faraday (>= 0.17.3, < 3)
    theoj (1.4.0)
      faraday (~> 2.4.0)
      github-linguist (~> 7.20.0)
      octokit (~> 5.1.0)
      openjournals-nameable (~> 1.1)
      rugged (~> 1.5.0)

PLATFORMS
  x86_64-darwin-21

DEPENDENCIES
  theoj

BUNDLED WITH
   2.3.12
