GEM
  remote: https://rubygems.org/
  specs:
    addressable (2.8.1)
      public_suffix (>= 2.0.2, < 6.0)
    cgi (0.3.3)
    charlock_holmes (0.7.7)
    commonmarker (0.23.6)
    faraday (2.6.0)
      faraday-net_http (>= 2.0, < 3.1)
      ruby2_keywords (>= 0.0.4)
    faraday-net_http (3.0.1)
    faraday-retry (2.0.0)
      faraday (~> 2.0)
    github-linguist (7.23.0)
      cgi
      charlock_holmes (~> 0.7.7)
      mini_mime (~> 1.0)
      rugged (~> 1.0)
    mini_mime (1.1.2)
    octokit (6.0.0)
      faraday (>= 1, < 3)
      sawyer (~> 0.9)
    openjournals-nameable (1.1.7)
    public_suffix (5.0.0)
    ruby2_keywords (0.0.5)
    rugged (1.5.0.1)
    sawyer (0.9.2)
      addressable (>= 2.3.5)
      faraday (>= 0.17.3, < 3)
    theoj (1.5.1)
      commonmarker (~> 0.23)
      faraday (~> 2.6.0)
      faraday-retry (~> 2.0)
      github-linguist (~> 7.23.0)
      octokit (~> 6.0)
      openjournals-nameable (~> 1.1)
      rugged (~> 1.5.0)

PLATFORMS
  ruby

DEPENDENCIES
  theoj

BUNDLED WITH
   2.3.12
